GEM
  remote: https://rubygems.org/
  specs:
    daemons (1.2.2)
    diff-lcs (1.2.5)
    eventmachine (1.0.7)
    jasmine (2.2.0)
      jasmine-core (~> 2.2)
      phantomjs
      rack (>= 1.2.1)
      rake
    jasmine-core (2.2.0)
    phantomjs (1.9.8.0)
    rack (1.6.0)
    rake (10.4.2)
    rspec (3.2.0)
      rspec-core (~> 3.2.0)
      rspec-expectations (~> 3.2.0)
      rspec-mocks (~> 3.2.0)
    rspec-core (3.2.3)
      rspec-support (~> 3.2.0)
    rspec-expectations (3.2.1)
      diff-lcs (>= 1.2.0, < 2.0)
      rspec-support (~> 3.2.0)
    rspec-mocks (3.2.1)
      diff-lcs (>= 1.2.0, < 2.0)
      rspec-support (~> 3.2.0)
    rspec-support (3.2.2)
    thin (1.6.3)
      daemons (~> 1.0, >= 1.0.9)
      eventmachine (~> 1.0)
      rack (~> 1.0)

PLATFORMS
  ruby

DEPENDENCIES
  jasmine
  rake
  rspec (>= 2.0)
  thin
